GIT
  remote: git://github.com/byterussian/carrierwave_direct.git
  revision: 1f515ce93515d96421e068231079cccb6f24ce74
  specs:
    carrierwave_direct (0.0.14)
      carrierwave
      fog
      uuidtools

GIT
  remote: git://github.com/byterussian/tabs.git
  revision: 4720b77a130e666aff6ca09a836aa85b759537f8
  branch: customization
  specs:
    tabs (1.0.1)
      activesupport (>= 3.2)
      redis (~> 3.0.0)

GIT
  remote: git://github.com/byterussian/valvat.git
  revision: e4ae8caf9247985cb7487565ef5dac2661aa01e0
  branch: fix-issue-37
  specs:
    valvat (0.6.8)
      httpclient (>= 2.6.0.1)
      savon (>= 2.3.0)

GIT
  remote: git://github.com/dv/less-rails.git
  revision: 0fb489ac737cc0cb425fe135fc0ad637399d8f6b
  branch: fix-import-dependencies
  specs:
    less-rails (2.5.0)
      actionpack (>= 3.1)
      less (~> 2.5.0)

GIT
  remote: git://github.com/rails/sass-rails.git
  revision: 4ec13b1e10c86695b4a094ff9c5049c28567c7d2
  specs:
    sass-rails (5.0.1)
      railties (>= 4.0.0, < 5.0)
      sass (~> 3.1)
      sprockets (>= 2.8, < 4.0)
      sprockets-rails (>= 2.0, < 4.0)
      tilt (~> 1.1)

GIT
  remote: git://github.com/stefanpenner/country_select.git
  revision: 68ae9f919e35b3268c1398490d45c6a88f1e3ca1
  specs:
    country_select (2.1.1)
      countries (>= 0.9.3, < 0.10.0)
      sort_alphabetical (~> 1.0)

GEM
  remote: http://rubygems.org/
  specs:
    CFPropertyList (2.3.0)
    actionmailer (4.1.9)
      actionpack (= 4.1.9)
      actionview (= 4.1.9)
      mail (~> 2.5, >= 2.5.4)
    actionpack (4.1.9)
      actionview (= 4.1.9)
      activesupport (= 4.1.9)
      rack (~> 1.5.2)
      rack-test (~> 0.6.2)
    actionview (4.1.9)
      activesupport (= 4.1.9)
      builder (~> 3.1)
      erubis (~> 2.7.0)
    activemodel (4.1.9)
      activesupport (= 4.1.9)
      builder (~> 3.1)
    activerecord (4.1.9)
      activemodel (= 4.1.9)
      activesupport (= 4.1.9)
      arel (~> 5.0.0)
    activesupport (4.1.9)
      i18n (~> 0.6, >= 0.6.9)
      json (~> 1.7, >= 1.7.7)
      minitest (~> 5.1)
      thread_safe (~> 0.1)
      tzinfo (~> 1.1)
    addressable (2.3.6)
    agent_orange (0.1.6)
    akami (1.2.2)
      gyoku (>= 0.4.0)
      nokogiri
    arel (5.0.1.20140414130214)
    aws-sdk (1.49.0)
      json (~> 1.4)
      nokogiri (>= 1.4.4)
    bcrypt (3.1.10)
    better_errors (2.1.1)
      coderay (>= 1.0.0)
      erubis (>= 2.6.6)
      rack (>= 0.9.0)
    binding_of_caller (0.7.2)
      debug_inspector (>= 0.0.1)
    bower-rails (0.9.2)
    braintree (2.40.0)
      builder (>= 2.0.0)
    builder (3.2.2)
    bullet (4.14.4)
      activesupport (>= 3.0.0)
      uniform_notifier (>= 1.6.0)
    byebug (2.7.0)
      columnize (~> 0.3)
      debugger-linecache (~> 1.2)
    capistrano (3.2.1)
      i18n
      rake (>= 10.0.0)
      sshkit (~> 1.3)
    capistrano-bundler (1.1.4)
      capistrano (~> 3.1)
      sshkit (~> 1.2)
    capistrano-rails (1.1.2)
      capistrano (~> 3.1)
      capistrano-bundler (~> 1.1)
    capistrano-rbenv (2.0.3)
      capistrano (~> 3.1)
      sshkit (~> 1.3)
    capybara (2.4.4)
      mime-types (>= 1.16)
      nokogiri (>= 1.3.3)
      rack (>= 1.0.0)
      rack-test (>= 0.5.4)
      xpath (~> 2.0)
    capybara-webkit (1.4.1)
      capybara (>= 2.3.0, < 2.5.0)
      json
    carrierwave (0.10.0)
      activemodel (>= 3.2.0)
      activesupport (>= 3.2.0)
      json (>= 1.7)
      mime-types (>= 1.16)
    carrierwave-processing (1.1.0)
      carrierwave
    celluloid (0.16.0)
      timers (~> 4.0.0)
    childprocess (0.5.5)
      ffi (~> 1.0, >= 1.0.11)
    ci_reporter (2.0.0)
      builder (>= 2.1.2)
    ci_reporter_rspec (1.0.0)
      ci_reporter (~> 2.0)
      rspec (>= 2.14, < 4)
    cliver (0.3.2)
    coderay (1.1.0)
    coffee-rails (4.0.1)
      coffee-script (>= 2.2.0)
      railties (>= 4.0.0, < 5.0)
    coffee-script (2.3.0)
      coffee-script-source
      execjs
    coffee-script-source (1.9.0)
    colorize (0.7.5)
    columnize (0.9.0)
    commonjs (0.2.7)
    connection_pool (2.1.1)
    cookiejar (0.3.2)
    countries (0.9.3)
      currencies (~> 0.4.2)
    crack (0.4.2)
      safe_yaml (~> 1.0.0)
    crass (1.0.1)
    createsend (4.0.2)
      hashie (~> 3.0)
      httparty (~> 0.10)
      json (~> 1.0)
    css_parser (1.3.6)
      addressable
    currencies (0.4.2)
    database_cleaner (1.0.1)
    debug_inspector (0.0.2)
    debugger-linecache (1.2.0)
    devise (3.2.4)
      bcrypt (~> 3.0)
      orm_adapter (~> 0.1)
      railties (>= 3.2.6, < 5)
      thread_safe (~> 0.1)
      warden (~> 1.2.3)
    devise-async (0.9.0)
      devise (~> 3.2)
    diff-lcs (1.2.5)
    docile (1.1.5)
    dotenv (1.0.2)
    dotenv-rails (1.0.2)
      dotenv (= 1.0.2)
    em-http-request (1.1.2)
      addressable (>= 2.3.4)
      cookiejar
      em-socksify (>= 0.3)
      eventmachine (>= 1.0.3)
      http_parser.rb (>= 0.6.0)
    em-socksify (0.3.0)
      eventmachine (>= 1.0.0.beta.4)
    em-synchrony (1.0.4)
      eventmachine (>= 1.0.0.beta.1)
    em-websocket (0.5.1)
      eventmachine (>= 0.12.9)
      http_parser.rb (~> 0.6.0)
    email_validator (1.5.0)
      activemodel
    entypo-rails (2.2.2)
      railties (>= 3.1, <= 5)
    erubis (2.7.0)
    eventmachine (1.0.6)
    eventmachine_httpserver (0.2.1)
    exchange (1.2.2)
      nokogiri (~> 1, >= 1.0.0)
    excon (0.44.2)
    execjs (2.3.0)
    factory_girl (4.5.0)
      activesupport (>= 3.0.0)
    factory_girl_rails (4.5.0)
      factory_girl (~> 4.5.0)
      railties (>= 3.0.0)
    faker (1.4.3)
      i18n (~> 0.5)
    faraday (0.9.1)
      multipart-post (>= 1.2, < 3)
    ffi (1.9.6)
    fission (0.5.0)
      CFPropertyList (~> 2.2)
    fog (1.28.0)
      fog-atmos
      fog-aws (~> 0.0)
      fog-brightbox (~> 0.4)
      fog-core (~> 1.27, >= 1.27.3)
      fog-ecloud
      fog-json
      fog-profitbricks
      fog-radosgw (>= 0.0.2)
      fog-riakcs
      fog-sakuracloud (>= 0.0.4)
      fog-serverlove
      fog-softlayer
      fog-storm_on_demand
      fog-terremark
      fog-vmfusion
      fog-voxel
      fog-xml (~> 0.1.1)
      ipaddress (~> 0.5)
      nokogiri (~> 1.5, >= 1.5.11)
    fog-atmos (0.1.0)
      fog-core
      fog-xml
    fog-aws (0.1.0)
      fog-core (~> 1.27)
      fog-json (~> 1.0)
      fog-xml (~> 0.1)
      ipaddress (~> 0.8)
    fog-brightbox (0.7.1)
      fog-core (~> 1.22)
      fog-json
      inflecto (~> 0.0.2)
    fog-core (1.29.0)
      builder
      excon (~> 0.38)
      formatador (~> 0.2)
      mime-types
      net-scp (~> 1.1)
      net-ssh (>= 2.1.3)
    fog-ecloud (0.0.2)
      fog-core
      fog-xml
    fog-json (1.0.0)
      multi_json (~> 1.0)
    fog-profitbricks (0.0.1)
      fog-core
      fog-xml
      nokogiri
    fog-radosgw (0.0.3)
      fog-core (>= 1.21.0)
      fog-json
      fog-xml (>= 0.0.1)
    fog-riakcs (0.1.0)
      fog-core
      fog-json
      fog-xml
    fog-sakuracloud (1.0.0)
      fog-core
      fog-json
    fog-serverlove (0.1.1)
      fog-core
      fog-json
    fog-softlayer (0.4.1)
      fog-core
      fog-json
    fog-storm_on_demand (0.1.0)
      fog-core
      fog-json
    fog-terremark (0.0.4)
      fog-core
      fog-xml
    fog-vmfusion (0.0.1)
      fission
      fog-core
    fog-voxel (0.0.2)
      fog-core
      fog-xml
    fog-xml (0.1.1)
      fog-core
      nokogiri (~> 1.5, >= 1.5.11)
    font-awesome-rails (4.3.0.0)
      railties (>= 3.2, < 5.0)
    foreman (0.77.0)
      dotenv (~> 1.0.2)
      thor (~> 0.19.1)
    formatador (0.2.5)
    fuubar (2.0.0)
      rspec (~> 3.0)
      ruby-progressbar (~> 1.4)
    geokit (1.9.0)
      multi_json (>= 1.3.2)
    geokit-rails (2.0.1)
      geokit (~> 1.5)
      rails (>= 3.0)
    gibbon (1.1.4)
      httparty
      multi_json (>= 1.3.4)
    guard (2.11.1)
      formatador (>= 0.2.4)
      listen (~> 2.7)
      lumberjack (~> 1.0)
      nenv (~> 0.1)
      notiffany (~> 0.0)
      pry (>= 0.9.12)
      shellany (~> 0.0)
      thor (>= 0.18.1)
    guard-compat (1.2.1)
    guard-livereload (2.4.0)
      em-websocket (~> 0.5)
      guard (~> 2.8)
      multi_json (~> 1.8)
    guard-rspec (4.5.0)
      guard (~> 2.1)
      guard-compat (~> 1.1)
      rspec (>= 2.99.0, < 4.0)
    gyoku (1.1.1)
      builder (>= 2.1.2)
    hashie (3.4.0)
    hike (1.2.3)
    hiredis (0.4.5)
    hitimes (1.2.2)
    htmlentities (4.3.1)
    http_parser.rb (0.6.0)
    httparty (0.13.3)
      json (~> 1.8)
      multi_xml (>= 0.5.2)
    httpclient (2.6.0.1)
    httpi (2.2.7)
      rack
    i18n (0.7.0)
    inflecto (0.0.2)
    interception (0.5)
    intercom-rails (0.2.27)
      activesupport (> 3.0)
    ipaddress (0.8.0)
    jbuilder (1.5.3)
      activesupport (>= 3.0.0)
      multi_json (>= 1.2.0)
    jquery-rails (3.1.2)
      railties (>= 3.0, < 5.0)
      thor (>= 0.14, < 2.0)
    jquery-ui-rails (5.0.3)
      railties (>= 3.2.16)
    json (1.8.2)
    jwt (1.2.1)
    kaminari (0.16.2)
      actionpack (>= 3.0.0)
      activesupport (>= 3.0.0)
    kramdown (1.5.0)
    le (2.6.2)
    less (2.5.1)
      commonjs (~> 0.2.7)
    libv8 (3.16.14.7)
    listen (2.8.5)
      celluloid (>= 0.15.2)
      rb-fsevent (>= 0.9.3)
      rb-inotify (>= 0.9)
    lumberjack (1.0.9)
    macaddr (1.7.1)
      systemu (~> 2.6.2)
    mail (2.6.3)
      mime-types (>= 1.16, < 3)
    maildown (1.0.2)
      kramdown
      rails (>= 4.0.0)
    mandrill-api (1.0.53)
      excon (>= 0.16.0, < 1.0)
      json (>= 1.7.7, < 2.0)
    method_source (0.8.2)
    mime-types (2.4.3)
    mini_magick (4.0.3)
    mini_portile (0.6.2)
    minitest (5.5.1)
    monetize (1.1.0)
      money (~> 6.5.0)
    money (6.5.1)
      i18n (>= 0.6.4, <= 0.7.0)
    money-rails (1.3.0)
      activesupport (>= 3.0)
      monetize (~> 1.1.0)
      money (~> 6.5.0)
      railties (>= 3.0)
    multi_json (1.10.1)
    multi_xml (0.5.5)
    multipart-post (2.0.0)
    mysql2 (0.3.17)
    nenv (0.2.0)
    net-scp (1.2.1)
      net-ssh (>= 2.6.5)
    net-ssh (2.9.2)
    netrc (0.10.2)
    newrelic_rpm (3.9.9.275)
    nokogiri (1.6.6.2)
      mini_portile (~> 0.6.0)
    nokogumbo (1.2.0)
      nokogiri
    nori (2.4.0)
    notiffany (0.0.3)
      nenv (~> 0.1)
      shellany (~> 0.0)
    nyan-cat-formatter (0.11)
      rspec (>= 2.99, >= 2.14.2, < 4)
    oauth (0.4.7)
    oauth2 (1.0.0)
      faraday (>= 0.8, < 0.10)
      jwt (~> 1.0)
      multi_json (~> 1.3)
      multi_xml (~> 0.5)
      rack (~> 1.2)
    oj (2.11.4)
    oj_mimic_json (1.0.1)
    omniauth (1.2.2)
      hashie (>= 1.2, < 4)
      rack (~> 1.0)
    omniauth-createsend (1.0.3)
      omniauth-oauth2 (~> 1.1)
    omniauth-facebook (2.0.0)
      omniauth-oauth2 (~> 1.2)
    omniauth-google-oauth2 (0.2.6)
      omniauth (> 1.0)
      omniauth-oauth2 (~> 1.1)
    omniauth-mailchimp (1.0.3)
      omniauth (~> 1.0)
      omniauth-oauth2
    omniauth-oauth (1.0.1)
      oauth
      omniauth (~> 1.0)
    omniauth-oauth2 (1.2.0)
      faraday (>= 0.8, < 0.10)
      multi_json (~> 1.3)
      oauth2 (~> 1.0)
      omniauth (~> 1.2)
    omniauth-twitter (1.1.0)
      multi_json (~> 1.3)
      omniauth-oauth (~> 1.0)
    orm_adapter (0.5.0)
    paranoia (2.1.0)
      activerecord (~> 4.0)
    paymill (0.5.1)
      json
    paypal-sdk-adaptivepayments (1.117.0)
      paypal-sdk-core (~> 0.3.0)
    paypal-sdk-core (0.3.1)
      multi_json (~> 1.0)
      xml-simple
    paypal-sdk-permissions (1.96.4)
      paypal-sdk-core (~> 0.3.0)
    poltergeist (1.6.0)
      capybara (~> 2.1)
      cliver (~> 0.3.1)
      multi_json (~> 1.0)
      websocket-driver (>= 0.2.0)
    premailer (1.8.3)
      css_parser (>= 1.3.6)
      htmlentities (>= 4.0.0, <= 4.3.1)
    premailer-rails (1.8.0)
      actionmailer (>= 3, < 5)
      premailer (~> 1.7, >= 1.7.9)
    pry (0.9.12.6)
      coderay (~> 1.0)
      method_source (~> 0.8)
      slop (~> 3.4)
    pry-byebug (1.3.2)
      byebug (~> 2.7)
      pry (~> 0.9.12)
    pry-rails (0.3.2)
      pry (>= 0.9.10)
    pry-rescue (1.4.1)
      interception (>= 0.5)
      pry
    pry-stack_explorer (0.4.9.1)
      binding_of_caller (>= 0.7)
      pry (>= 0.9.11)
    puffing-billy (0.4.1)
      addressable
      em-http-request
      em-synchrony
      eventmachine
      eventmachine_httpserver
      http_parser.rb (~> 0.6.0)
      multi_json
    puma (2.11.0)
      rack (>= 1.1, < 2.0)
    quiet_assets (1.1.0)
      railties (>= 3.1, < 5.0)
    rack (1.5.2)
    rack-affiliates (0.4.0)
      rack
    rack-protection (1.5.3)
      rack
    rack-test (0.6.3)
      rack (>= 1.0)
    rails (4.1.9)
      actionmailer (= 4.1.9)
      actionpack (= 4.1.9)
      actionview (= 4.1.9)
      activemodel (= 4.1.9)
      activerecord (= 4.1.9)
      activesupport (= 4.1.9)
      bundler (>= 1.3.0, < 2.0)
      railties (= 4.1.9)
      sprockets-rails (~> 2.0)
    rails_config (0.4.2)
      activesupport (>= 3.0)
    railties (4.1.9)
      actionpack (= 4.1.9)
      activesupport (= 4.1.9)
      rake (>= 0.8.7)
      thor (>= 0.18.1, < 2.0)
    rake (10.4.2)
    rb-fsevent (0.9.4)
    rb-inotify (0.9.5)
      ffi (>= 0.5.0)
    rdoc (4.2.0)
    redcarpet (3.2.2)
    redis (3.0.7)
    redis-namespace (1.5.1)
      redis (~> 3.0, >= 3.0.4)
    ref (1.0.5)
    remotipart (1.2.1)
    rest-client (1.7.2)
      mime-types (>= 1.16, < 3.0)
      netrc (~> 0.7)
    rollbar (1.4.4)
      multi_json (~> 1.3)
    rspec (3.2.0)
      rspec-core (~> 3.2.0)
      rspec-expectations (~> 3.2.0)
      rspec-mocks (~> 3.2.0)
    rspec-activemodel-mocks (1.0.1)
      activemodel (>= 3.0)
      activesupport (>= 3.0)
      rspec-mocks (>= 2.99, < 4.0)
    rspec-core (3.2.0)
      rspec-support (~> 3.2.0)
    rspec-expectations (3.2.0)
      diff-lcs (>= 1.2.0, < 2.0)
      rspec-support (~> 3.2.0)
    rspec-mocks (3.2.0)
      diff-lcs (>= 1.2.0, < 2.0)
      rspec-support (~> 3.2.0)
    rspec-rails (3.2.0)
      actionpack (>= 3.0, <= 4.2)
      activesupport (>= 3.0, <= 4.2)
      railties (>= 3.0, <= 4.2)
      rspec-core (~> 3.2.0)
      rspec-expectations (~> 3.2.0)
      rspec-mocks (~> 3.2.0)
      rspec-support (~> 3.2.0)
    rspec-sidekiq (2.0.0)
      rspec (~> 3.0, >= 3.0.0)
      sidekiq (>= 2.4.0)
    rspec-support (3.2.0)
    ruby-progressbar (1.7.1)
    rubyzip (1.1.7)
    safe_yaml (1.0.4)
    sanitize (3.1.1)
      crass (~> 1.0.1)
      nokogiri (>= 1.4.4)
      nokogumbo (= 1.2.0)
    sass (3.4.11)
    savon (2.7.2)
      akami (~> 1.2.0)
      builder (>= 2.1.2)
      gyoku (~> 1.1.0)
      httpi (~> 2.2.3)
      nokogiri (>= 1.4.0)
      nori (~> 2.4.0)
      uuid (~> 2.3.7)
      wasabi (~> 3.3.0)
    sdoc (0.4.1)
      json (~> 1.7, >= 1.7.7)
      rdoc (~> 4.0)
    selenium-webdriver (2.44.0)
      childprocess (~> 0.5)
      multi_json (~> 1.0)
      rubyzip (~> 1.0)
      websocket (~> 1.0)
    shellany (0.0.1)
    shrimp (0.0.6)
      json
    sidekiq (3.3.2)
      celluloid (>= 0.16.0)
      connection_pool (>= 2.1.1)
      json
      redis (>= 3.0.6)
      redis-namespace (>= 1.3.1)
    simple-random (1.0.0)
    simple_form (3.1.0)
      actionpack (~> 4.0)
      activemodel (~> 4.0)
    simplecov (0.9.1)
      docile (~> 1.1.0)
      multi_json (~> 1.0)
      simplecov-html (~> 0.8.0)
    simplecov-csv (0.1.3)
      simplecov
    simplecov-html (0.8.0)
    sinatra (1.4.5)
      rack (~> 1.4)
      rack-protection (~> 1.4)
      tilt (~> 1.3, >= 1.3.4)
    slop (3.6.0)
    sort_alphabetical (1.0.1)
      unicode_utils (>= 1.2.2)
    split (1.2.0)
      redis (>= 2.1)
      redis-namespace (>= 1.1.0)
      simple-random
      sinatra (>= 1.2.6)
    spring (1.2.0)
    spring-commands-rspec (1.0.4)
      spring (>= 0.9.1)
    sprockets (2.12.3)
      hike (~> 1.2)
      multi_json (~> 1.0)
      rack (~> 1.0)
      tilt (~> 1.1, != 1.3.0)
    sprockets-rails (2.2.4)
      actionpack (>= 3.0)
      activesupport (>= 3.0)
      sprockets (>= 2.8, < 4.0)
    sqlite3 (1.3.10)
    sshkit (1.6.1)
      colorize (>= 0.7.0)
      net-scp (>= 1.1.2)
      net-ssh (>= 2.8.0)
    stripe (1.18.0)
      json (~> 1.8.1)
      mime-types (>= 1.25, < 3.0)
      rest-client (~> 1.4)
    stripe_event (1.4.0)
      activesupport (>= 3.1)
      stripe (~> 1.6)
    systemu (2.6.4)
    therubyracer (0.12.1)
      libv8 (~> 3.16.14.0)
      ref
    thor (0.19.1)
    thread_safe (0.3.4)
    tilt (1.4.1)
    timecop (0.7.1)
    timers (4.0.1)
      hitimes
    turbolinks (2.5.3)
      coffee-rails
    tzinfo (1.2.2)
      thread_safe (~> 0.1)
    uglifier (2.7.0)
      execjs (>= 0.3.0)
      json (>= 1.8.0)
    unicode_utils (1.4.0)
    uniform_notifier (1.6.2)
    uuid (2.3.7)
      macaddr (~> 1.0)
    uuidtools (2.1.5)
    vcr (2.9.3)
    warden (1.2.3)
      rack (>= 1.0)
    wasabi (3.3.1)
      httpi (~> 2.0)
      nokogiri (>= 1.4.0)
    webmock (1.20.4)
      addressable (>= 2.3.6)
      crack (>= 0.3.2)
    websocket (1.2.1)
    websocket-driver (0.5.1)
      websocket-extensions (>= 0.1.0)
    websocket-extensions (0.1.1)
    wicked_pdf (0.11.0)
      rails
    xml-simple (1.1.4)
    xpath (2.0.0)
      nokogiri (~> 1.3)

PLATFORMS
  ruby

DEPENDENCIES
  agent_orange
  aws-sdk (< 2.0)
  better_errors
  bower-rails
  braintree
  bullet
  capistrano (~> 3.2.0)
  capistrano-bundler (~> 1.1.2)
  capistrano-rails (~> 1.1)
  capistrano-rbenv (~> 2.0)
  capybara
  capybara-webkit
  carrierwave
  carrierwave-processing
  carrierwave_direct!
  ci_reporter_rspec
  countries
  country_select!
  createsend
  database_cleaner
  devise
  devise-async
  dotenv-rails
  email_validator
  entypo-rails
  exchange (~> 1.2.0)
  factory_girl_rails
  faker
  fog
  font-awesome-rails
  foreman
  fuubar
  geokit-rails
  gibbon
  guard-livereload
  guard-rspec
  hiredis (~> 0.4.5)
  intercom-rails (~> 0.2.26)
  jbuilder (~> 1.2)
  jquery-rails
  jquery-ui-rails
  kaminari
  le
  less-rails!
  maildown
  mandrill-api
  mini_magick
  monetize
  money-rails
  mysql2
  newrelic_rpm
  nyan-cat-formatter
  oj
  oj_mimic_json
  omniauth-createsend
  omniauth-facebook
  omniauth-google-oauth2
  omniauth-mailchimp
  omniauth-twitter
  paranoia (~> 2.0)
  paymill
  paypal-sdk-adaptivepayments
  paypal-sdk-permissions
  poltergeist
  premailer-rails
  pry-byebug
  pry-rails
  pry-rescue
  pry-stack_explorer
  puffing-billy
  puma
  quiet_assets
  rack-affiliates
  rails (= 4.1.9)
  rails_config
  rb-fsevent
  redcarpet
  redis (~> 3.0.1)
  remotipart (~> 1.2)
  rest-client
  rollbar (~> 1.4.2)
  rspec-activemodel-mocks
  rspec-rails
  rspec-sidekiq
  sanitize
  sass-rails!
  sdoc
  selenium-webdriver
  shrimp
  sidekiq
  simple_form
  simplecov
  simplecov-csv
  sinatra (>= 1.3.0)
  split
  spring
  spring-commands-rspec
  sqlite3
  stripe
  stripe_event
  tabs!
  therubyracer
  timecop
  turbolinks
  uglifier (>= 1.3.0)
  valvat!
  vcr
  webmock
  wicked_pdf
